PATH
  remote: .
  specs:
    firebase_dynamic_link (0.1.0)
      dry-configurable (~> 0.7.0)
      dry-core (~> 0.4.5)
      faraday (~> 0.14.0)

GEM
  remote: https://rubygems.org/
  specs:
    coderay (1.1.2)
    concurrent-ruby (1.0.5)
    diff-lcs (1.3)
    dotenv (2.2.2)
    dry-configurable (0.7.0)
      concurrent-ruby (~> 1.0)
    dry-core (0.4.5)
      concurrent-ruby (~> 1.0)
    faraday (0.14.0)
      multipart-post (>= 1.2, < 3)
    method_source (0.9.0)
    multipart-post (2.0.0)
    pry (0.11.3)
      coderay (~> 1.1.0)
      method_source (~> 0.9.0)
    rake (10.5.0)
    rspec (3.7.0)
      rspec-core (~> 3.7.0)
      rspec-expectations (~> 3.7.0)
      rspec-mocks (~> 3.7.0)
    rspec-core (3.7.1)
      rspec-support (~> 3.7.0)
    rspec-expectations (3.7.0)
      diff-lcs (>= 1.2.0, < 2.0)
      rspec-support (~> 3.7.0)
    rspec-mocks (3.7.0)
      diff-lcs (>= 1.2.0, < 2.0)
      rspec-support (~> 3.7.0)
    rspec-support (3.7.1)
    vcr (4.0.0)

PLATFORMS
  ruby

DEPENDENCIES
  bundler (~> 1.16)
  dotenv (~> 2.2, >= 2.2.2)
  firebase_dynamic_link!
  pry (~> 0.11.3)
  rake (~> 10.0)
  rspec (~> 3.0)
  vcr (~> 4.0, >= 4.0.0)

BUNDLED WITH
   1.16.1
